GEM
  remote: http://rubygems.org/
  specs:
    mysql2 (0.3.6)
    rack (1.3.2)
    sequel (3.26.0)
    sinatra (1.2.6)
      rack (~> 1.1)
      tilt (< 2.0, >= 1.2.2)
    tilt (1.3.2)

PLATFORMS
  ruby

DEPENDENCIES
  mysql2
  sequel
  sinatra
